GEM
  remote: https://rubygems.org/
  specs:
    mustermann (1.0.3)
    power_assert (1.1.3)
    rack (2.2.1)
    rack-protection (2.0.5)
      rack
    rack-test (1.1.0)
      rack (>= 1.0, < 3)
    sinatra (2.0.5)
      mustermann (~> 1.0)
      rack (~> 2.0)
      rack-protection (= 2.0.5)
      tilt (~> 2.0)
    test-unit (3.2.9)
      power_assert
    tilt (2.0.9)

PLATFORMS
  ruby

DEPENDENCIES
  rack (>= 2.0.8)
  rack-test
  sinatra
  test-unit

BUNDLED WITH
   2.1.4
